GIT
  remote: https://github.com/komagata/fjord_boot_camp.git
  revision: 0f8d75d9103df54b39fb36d3696b424ac66a6ce3
  specs:
    fjord_boot_camp (0.1.0)

GEM
  remote: https://rubygems.org/
  specs:
    cloud_events (0.6.0)
    functions_framework (1.0.1)
      cloud_events (>= 0.6.0, < 2.a)
      puma (>= 4.3.0, < 6.a)
      rack (~> 2.1)
    nio4r (2.5.8)
    puma (5.5.2)
      nio4r (~> 2.0)
    rack (2.2.3)

PLATFORMS
  ruby

DEPENDENCIES
  fjord_boot_camp!
  functions_framework (~> 1.0)

BUNDLED WITH
   2.2.33
